PATH
  remote: .
  specs:
    r7insight (3.0.3)

GEM
  remote: https://rubygems.org/
  specs:
    activesupport (6.0.0)
      concurrent-ruby (~> 1.0, >= 1.0.2)
      i18n (>= 0.7, < 2)
      minitest (~> 5.1)
      tzinfo (~> 1.1)
      zeitwerk (~> 2.1, >= 2.1.8)
    concurrent-ruby (1.1.5)
    i18n (1.7.0)
      concurrent-ruby (~> 1.0)
    minitest (5.12.2)
    rake (13.0.0)
    thread_safe (0.3.6)
    tzinfo (1.2.5)
      thread_safe (~> 0.1)
    zeitwerk (2.2.0)

PLATFORMS
  ruby

DEPENDENCIES
  activesupport (~> 6.0.0)
  bundler (~> 2.0.0)
  minitest (~> 5.12.2)
  r7insight!
  rake (~> 13.0.0)

RUBY VERSION
   ruby 2.5.0p0

BUNDLED WITH
   2.0.2
