PATH
  remote: .
  specs:
    r7insight (2.7.6)

GEM
  remote: https://rubygems.org/
  specs:
    minitest (5.12.2)
    rake (13.0.0)

PLATFORMS
  ruby

DEPENDENCIES
  bundler
  minitest
  r7insight!
  rake

BUNDLED WITH
   2.0.2
