PATH
  remote: .
  specs:
    r7insight (3.0.4)

GEM
  remote: https://rubygems.org/
  specs:
    activesupport (6.1.7.5)
      concurrent-ruby (~> 1.0, >= 1.0.2)
      i18n (>= 1.6, < 2)
      minitest (>= 5.1)
      tzinfo (~> 2.0)
      zeitwerk (~> 2.3)
    concurrent-ruby (1.2.3)
    i18n (1.14.1)
      concurrent-ruby (~> 1.0)
    minitest (5.12.2)
    rake (13.0.0)
    tzinfo (2.0.6)
      concurrent-ruby (~> 1.0)
    zeitwerk (2.6.13)

PLATFORMS
  ruby

DEPENDENCIES
  activesupport (~> 6.1.7)
  bundler (~> 2.0.0)
  minitest (~> 5.12.2)
  r7insight!
  rake (~> 13.0.0)

RUBY VERSION
   ruby 2.5.0p0

BUNDLED WITH
   2.0.2
