PATH
  remote: .
  specs:
    r7insight (3.0.4)

GEM
  remote: https://rubygems.org/
  specs:
    activesupport (6.0.3.1)
      concurrent-ruby (~> 1.0, >= 1.0.2)
      i18n (>= 0.7, < 2)
      minitest (~> 5.1)
      tzinfo (~> 1.1)
      zeitwerk (~> 2.2, >= 2.2.2)
    concurrent-ruby (1.1.6)
    i18n (1.8.2)
      concurrent-ruby (~> 1.0)
    minitest (5.12.2)
    rake (13.0.0)
    thread_safe (0.3.6)
    tzinfo (1.2.7)
      thread_safe (~> 0.1)
    zeitwerk (2.3.0)

PLATFORMS
  ruby

DEPENDENCIES
  activesupport (~> 6.0.0)
  bundler (~> 2.0.0)
  minitest (~> 5.12.2)
  r7insight!
  rake (~> 13.0.0)

RUBY VERSION
   ruby 2.5.0p0

BUNDLED WITH
   2.0.2
